PATH
  remote: .
  specs:
    collector (0.0.1)

GEM
  remote: https://rubygems.org/
  specs:

PLATFORMS
  ruby

DEPENDENCIES
  collector!

BUNDLED WITH
   1.11.2
